GEM
  remote: https://rubygems.org/
  specs:
    diff-lcs (1.2.5)
    dogeify (1.0.1)
      engtagger
    dogespec (0.0.1)
      dogeify (~> 1.0.0)
      rspec (~> 2.14.1)
    engtagger (0.2.0)
    fuubar (1.2.1)
      rspec (~> 2.0)
      rspec-instafail (~> 0.2.0)
      ruby-progressbar (~> 1.0)
    rspec (2.14.1)
      rspec-core (~> 2.14.0)
      rspec-expectations (~> 2.14.0)
      rspec-mocks (~> 2.14.0)
    rspec-core (2.14.7)
    rspec-expectations (2.14.4)
      diff-lcs (>= 1.1.3, < 2.0)
    rspec-instafail (0.2.4)
    rspec-mocks (2.14.4)
    ruby-progressbar (1.2.0)

PLATFORMS
  ruby

DEPENDENCIES
  dogespec
  fuubar
  rspec
